GEM
  remote: https://rubygems.org/
  specs:
    diff-lcs (1.2.4)
    fast_xs (0.8.0)
    rspec (2.13.0)
      rspec-core (~> 2.13.0)
      rspec-expectations (~> 2.13.0)
      rspec-mocks (~> 2.13.0)
    rspec-core (2.13.1)
    rspec-expectations (2.13.0)
      diff-lcs (>= 1.1.3, < 2.0)
    rspec-mocks (2.13.1)
    rubyzip (0.9.9)
    simple_xlsx_writer (0.5.3)
      fast_xs (>= 0.7.3)
      rubyzip (>= 0.9.4)
    thor (0.18.1)

PLATFORMS
  ruby

DEPENDENCIES
  rspec
  simple_xlsx_writer
  thor
